GEM
  remote: http://rubygems.org/
  specs:
    moredown (1.3.0)
    newrelic_rpm (2.13.4)
    rack (1.2.1)
    sinatra (1.0)
      rack (>= 1.0)

PLATFORMS
  ruby

DEPENDENCIES
  moredown
  newrelic_rpm
  sinatra (= 1.0)
